GIT
  remote: git://github.com/mypasswordisqwerty/gemresedit.git
  revision: 359615b1462cfc1cbe846c5e5093811709dfd98a
  branch: master
  specs:
    resedit (1.5.2)
      builder (= 3.2.3)
      chunky_png (= 1.3.5)

GEM
  remote: http://rubygems.org/
  specs:
    builder (3.2.3)
    chunky_png (1.3.5)

PLATFORMS
  ruby

DEPENDENCIES
  resedit (~> 1.5.2)!

BUNDLED WITH
   1.15.4
