GEM
  remote: http://rubygems.org/
  specs:
    builder (3.2.3)
    chunky_png (1.3.5)
    mini_portile2 (2.2.0)
    nokogiri (1.8.0)
      mini_portile2 (~> 2.2.0)
    resedit (1.5.1)
      builder (= 3.2.3)
      chunky_png (= 1.3.5)
    roo (2.7.1)
      nokogiri (~> 1)
      rubyzip (~> 1.1, < 2.0.0)
    roo-xls (1.1.0)
      nokogiri
      roo (>= 2.0.0beta1, < 3)
      spreadsheet (> 0.9.0)
    ruby-ole (1.2.12.1)
    rubyzip (1.2.1)
    spreadsheet (1.1.4)
      ruby-ole (>= 1.0)

PLATFORMS
  ruby

DEPENDENCIES
  resedit (~> 1.5)
  roo-xls

BUNDLED WITH
   1.15.4
