GIT
  remote: git://github.com/mypasswordisqwerty/gemresedit.git
  revision: 1835545e1ff2d8ba2abf2f4aaf38775a14e13418
  branch: master
  specs:
    resedit (1.8.5)
      builder (~> 3.2)
      chunky_png (~> 1.3)

GEM
  remote: http://rubygems.org/
  specs:
    builder (3.2.3)
    chunky_png (1.3.11)

PLATFORMS
  ruby

DEPENDENCIES
  resedit (~> 1.8.5)!

BUNDLED WITH
   2.0.1
