GIT
  remote: git://github.com/mypasswordisqwerty/gemresedit.git
  revision: efb3405f36de1036da2e9be6d99309cbe548908e
  branch: master
  specs:
    resedit (1.3.1)
      chunky_png (= 1.3.5)

GEM
  remote: http://rubygems.org/
  specs:
    chunky_png (1.3.5)

PLATFORMS
  ruby

DEPENDENCIES
  resedit (~> 1.3)!

BUNDLED WITH
   1.11.2
